GIT
  remote: git://github.com/paceline/permalink_fu.git
  revision: 17caa7e4aca06e231d436e29d216b2c9df9e736c
  specs:
    permalink_fu (1.1.0)
      activerecord (>= 2.3.5)
      activerecord (>= 2.3.5)
      activesupport (>= 2.3.5)
      activesupport (>= 2.3.5)

GEM
  remote: http://rubygems.org/
  specs:
    RedCloth (4.2.7)
    abstract (1.0.0)
    actionmailer (3.0.9)
      actionpack (= 3.0.9)
      mail (~> 2.2.19)
    actionpack (3.0.9)
      activemodel (= 3.0.9)
      activesupport (= 3.0.9)
      builder (~> 2.1.2)
      erubis (~> 2.6.6)
      i18n (~> 0.5.0)
      rack (~> 1.2.1)
      rack-mount (~> 0.6.14)
      rack-test (~> 0.5.7)
      tzinfo (~> 0.3.23)
    activemodel (3.0.9)
      activesupport (= 3.0.9)
      builder (~> 2.1.2)
      i18n (~> 0.5.0)
    activerecord (3.0.9)
      activemodel (= 3.0.9)
      activesupport (= 3.0.9)
      arel (~> 2.0.10)
      tzinfo (~> 0.3.23)
    activeresource (3.0.9)
      activemodel (= 3.0.9)
      activesupport (= 3.0.9)
    activesupport (3.0.9)
    acts_as_list (0.1.3)
    addressable (2.2.6)
    arel (2.0.10)
    builder (2.1.2)
    capistrano (2.6.0)
      highline
      net-scp (>= 1.0.0)
      net-sftp (>= 2.0.0)
      net-ssh (>= 2.0.14)
      net-ssh-gateway (>= 1.1.0)
    capistrano-ext (1.2.1)
      capistrano (>= 1.0.0)
    capistrano_rsync_with_remote_cache (2.4.0)
      capistrano (>= 2.1.0)
    clearance (0.11.1)
      diesel (~> 0.1.4)
      rails (~> 3.0.0)
    daemon_controller (0.2.6)
    diesel (0.1.4)
      railties (~> 3.0.3)
    diff-lcs (1.1.2)
    dynamic_form (1.1.4)
    erubis (2.6.6)
      abstract (>= 1.0.0)
    factory_girl (1.3.3)
    faraday (0.6.1)
      addressable (~> 2.2.4)
      multipart-post (~> 1.1.0)
      rack (< 2, >= 1.1.0)
    fastthread (1.0.7)
    formtastic (1.2.4)
      actionpack (>= 2.3.7)
      activesupport (>= 2.3.7)
      i18n (~> 0.4)
    gravtastic (3.1.0)
    haml (3.1.2)
    highline (1.6.2)
    hoe (2.9.6)
      rake (~> 0.8)
    i18n (0.5.0)
    irwi (0.4.1)
      actionpack (>= 3.0.0)
      activerecord (>= 3.0.0)
      activesupport (>= 3.0.0)
      diff-lcs (>= 1.1.2)
    javascript_auto_include (0.2.0)
      rails (~> 3.0.7)
    mail (2.2.19)
      activesupport (>= 2.3.6)
      i18n (>= 0.4.0)
      mime-types (~> 1.16)
      treetop (~> 1.4.8)
    mime-types (1.16)
    multi_json (1.0.3)
    multipart-post (1.1.2)
    mysql2 (0.2.11)
    net-scp (1.0.4)
      net-ssh (>= 1.99.1)
    net-sftp (2.0.5)
      net-ssh (>= 2.0.9)
    net-ssh (2.1.4)
    net-ssh-gateway (1.1.0)
      net-ssh (>= 1.99.1)
    oauth (0.4.5)
    oauth-plugin (0.4.0.pre5)
      multi_json
      oauth (~> 0.4.4)
      oauth2
      rack
    oauth2 (0.4.1)
      faraday (~> 0.6.1)
      multi_json (>= 0.0.5)
    passenger (3.0.7)
      daemon_controller (>= 0.2.5)
      fastthread (>= 1.0.1)
      rack
      rake (>= 0.8.1)
    polyglot (0.3.1)
    rack (1.2.3)
    rack-mount (0.6.14)
      rack (>= 1.0.0)
    rack-test (0.5.7)
      rack (>= 1.0)
    rails (3.0.9)
      actionmailer (= 3.0.9)
      actionpack (= 3.0.9)
      activerecord (= 3.0.9)
      activeresource (= 3.0.9)
      activesupport (= 3.0.9)
      bundler (~> 1.0)
      railties (= 3.0.9)
    railties (3.0.9)
      actionpack (= 3.0.9)
      activesupport (= 3.0.9)
      rake (>= 0.8.7)
      rdoc (~> 3.4)
      thor (~> 0.14.4)
    rake (0.9.2)
    rdoc (3.6.1)
    test-unit (1.2.3)
      hoe (>= 1.5.1)
    thor (0.14.6)
    treetop (1.4.9)
      polyglot (>= 0.3.1)
    tzinfo (0.3.28)
    will_paginate (3.0.pre2)

PLATFORMS
  ruby

DEPENDENCIES
  RedCloth
  acts_as_list
  capistrano
  capistrano-ext
  capistrano_rsync_with_remote_cache
  clearance (>= 0.9.0.rc9)
  dynamic_form
  factory_girl
  formtastic (>= 1.1.0)
  gravtastic
  haml
  irwi (= 0.4.1)
  javascript_auto_include (>= 0.1.0)
  mysql2 (~> 0.2.7)
  oauth
  oauth-plugin (>= 0.4.0.pre1)
  passenger
  permalink_fu!
  rails (~> 3.0.1)
  test-unit (= 1.2.3)
  will_paginate (>= 3.0.beta)
