GEM
  remote: http://rubygems.org/
  specs:
    RedCloth (4.2.3)
    actionmailer (2.3.10)
      actionpack (= 2.3.10)
    actionpack (2.3.10)
      activesupport (= 2.3.10)
      rack (~> 1.1.0)
    activerecord (2.3.10)
      activesupport (= 2.3.10)
    activeresource (2.3.10)
      activesupport (= 2.3.10)
    activesupport (2.3.10)
    acts_as_list (0.1.2)
    capistrano (2.5.19)
      highline
      net-scp (>= 1.0.0)
      net-sftp (>= 2.0.0)
      net-ssh (>= 2.0.14)
      net-ssh-gateway (>= 1.0.0)
    capistrano-ext (1.2.1)
      capistrano (>= 1.0.0)
    capistrano_rsync_with_remote_cache (2.4.0)
      capistrano (>= 2.1.0)
    clearance (0.8.8)
    daemon_controller (0.2.5)
    factory_girl (1.3.2)
    fastercsv (1.5.3)
    fastthread (1.0.7)
    file-tail (1.0.5)
      spruz (>= 0.1.0)
    formtastic (1.1.0)
      actionpack (>= 2.3.0)
      activesupport (>= 2.3.0)
      i18n (>= 0.4.0)
    haml (3.0.22)
    highline (1.6.1)
    i18n (0.4.1)
    mysql (2.8.1)
    net-scp (1.0.4)
      net-ssh (>= 1.99.1)
    net-sftp (2.0.5)
      net-ssh (>= 2.0.9)
    net-ssh (2.0.23)
    net-ssh-gateway (1.0.1)
      net-ssh (>= 1.99.1)
    oauth (0.4.3)
    oauth-plugin (0.3.14)
      oauth (>= 0.3.5)
    passenger (3.0.0)
      daemon_controller (>= 0.2.5)
      fastthread (>= 1.0.1)
      file-tail
      rack
      rake (>= 0.8.1)
    rack (1.1.0)
    rails (2.3.10)
      actionmailer (= 2.3.10)
      actionpack (= 2.3.10)
      activerecord (= 2.3.10)
      activeresource (= 2.3.10)
      activesupport (= 2.3.10)
      rake (>= 0.8.3)
    rake (0.8.7)
    spruz (0.1.5)
    will_paginate (2.3.14)

PLATFORMS
  ruby

DEPENDENCIES
  RedCloth
  acts_as_list
  capistrano
  capistrano-ext
  capistrano_rsync_with_remote_cache
  clearance (~> 0.8.8)
  factory_girl
  fastercsv
  formtastic (>= 1.0.1)
  haml
  mysql (>= 2.8.1)
  oauth
  oauth-plugin
  passenger
  rails (~> 2.3.10)
  will_paginate (~> 2.3.14)
